GEM
  remote: https://rubygems.org/
  specs:
    coderay (1.1.3)
    method_source (1.0.0)
    nio4r (2.5.9)
    oj (3.16.0)
    pry (0.14.2)
      coderay (~> 1.1)
      method_source (~> 1.0)
    puma (6.3.1)
      nio4r (~> 2.0)
    rack (3.0.8)

PLATFORMS
  arm64-darwin-22

DEPENDENCIES
  oj
  pry
  puma
  rack

BUNDLED WITH
   2.4.13
