GEM
  remote: https://rubygems.org/
  specs:
    coderay (1.1.3)
    method_source (1.0.0)
    minitest (5.19.0)
    nio4r (2.5.9)
    oj (3.16.0)
    pry (0.14.2)
      coderay (~> 1.1)
      method_source (~> 1.0)
    puma (6.3.1)
      nio4r (~> 2.0)
    rack (3.0.8)
    rack-test (2.1.0)
      rack (>= 1.3)
    rake (13.0.6)

PLATFORMS
  arm64-darwin-22

DEPENDENCIES
  minitest
  oj
  pry
  puma
  rack
  rack-test
  rake

BUNDLED WITH
   2.4.13
